GEM
  remote: http://rubygems.org/
  specs:
    proxies (0.2.1)
    rack (1.4.1)
    rack-protection (1.2.0)
      rack
    s3 (0.3.11)
      proxies (~> 0.2.0)
    sinatra (1.3.2)
      rack (~> 1.3, >= 1.3.6)
      rack-protection (~> 1.2)
      tilt (~> 1.3, >= 1.3.3)
    tilt (1.3.3)

PLATFORMS
  ruby

DEPENDENCIES
  s3
  sinatra
